GEM
  remote: https://rubygems.org/
  specs:
    cuba (3.3.0)
      rack
    haml (4.0.5)
      tilt
    rack (1.5.2)
    shotgun (0.9)
      rack (>= 1.0)
    tilt (2.0.1)

PLATFORMS
  ruby

DEPENDENCIES
  cuba (~> 3.3.0)
  haml
  shotgun (~> 0.9)
