GEM
  remote: https://rubygems.org/
  specs:
    armor (0.0.3)
    cuba (3.3.0)
      rack
    haml (4.0.5)
      tilt
    hiredis (0.5.2)
    msgpack (0.5.9)
    nido (0.0.1)
    ohm (2.0.1)
      msgpack
      nido
      redic
    ohm-contrib (2.0.0)
      ohm (~> 2.0.0)
    puma (2.9.1)
      rack (>= 1.1, < 2.0)
    rack (1.5.2)
    rack-parser (0.6.0)
      rack
    redic (1.1.1)
      hiredis
    sass (3.4.4)
    scrivener (0.2.0)
    shield (2.1.0)
      armor
    shotgun (0.9)
      rack (>= 1.0)
    tilt (2.0.1)

PLATFORMS
  ruby

DEPENDENCIES
  cuba (= 3.3.0)
  haml (= 4.0.5)
  ohm (= 2.0.1)
  ohm-contrib (= 2.0.0)
  puma (= 2.9.1)
  rack-parser (= 0.6.0)
  sass (= 3.4.4)
  scrivener (= 0.2.0)
  shield (= 2.1.0)
  shotgun (= 0.9)
